GEM
  remote: https://rubygems.org/
  specs:
    concurrent-ruby (1.2.2)
    data_magic (1.2)
      faker (>= 1.1.2)
      yml_reader (>= 0.6)
    diff-lcs (1.2.2)
    faker (3.1.1)
      i18n (>= 1.8.11, < 2)
    i18n (1.12.0)
      concurrent-ruby (~> 1.0)
    json (2.6.3)
    mustermann (3.0.0)
      ruby2_keywords (~> 0.0.1)
    page-object (2.3.1)
      page_navigation (>= 0.10)
      watir (>= 6.10.3)
    page_navigation (0.10)
      data_magic (>= 0.22)
    rack (2.2.6.4)
    rack-protection (3.0.5)
      rack
    regexp_parser (2.7.0)
    rexml (3.2.5)
    rspec (2.13.0)
      rspec-core (~> 2.13.0)
      rspec-expectations (~> 2.13.0)
      rspec-mocks (~> 2.13.0)
    rspec-core (2.13.1)
    rspec-expectations (2.13.0)
      diff-lcs (>= 1.1.3, < 2.0)
    rspec-mocks (2.13.0)
    ruby2_keywords (0.0.5)
    rubyzip (2.3.2)
    selenium-webdriver (4.8.6)
      rexml (~> 3.2, >= 3.2.5)
      rubyzip (>= 1.2.2, < 3.0)
      websocket (~> 1.0)
    sinatra (3.0.5)
      mustermann (~> 3.0)
      rack (~> 2.2, >= 2.2.4)
      rack-protection (= 3.0.5)
      tilt (~> 2.0)
    tilt (2.1.0)
    watir (7.2.2)
      regexp_parser (>= 1.2, < 3)
      selenium-webdriver (~> 4.2)
    watir-webdriver (0.9.9)
      selenium-webdriver (>= 2.46.2)
    websocket (1.2.9)
    yml_reader (0.7)

PLATFORMS
  ruby

DEPENDENCIES
  json (>= 2.3.0)
  page-object
  rspec
  sinatra (>= 2.2.3)
  watir-webdriver

BUNDLED WITH
   2.1.4
